PATH
  remote: .
  specs:
    going_postal (0.1.0)

GEM
  remote: http://rubygems.org/
  specs:

PLATFORMS
  ruby

DEPENDENCIES
  going_postal!
